GEM
  remote: https://rubygems.org/
  specs:
    addressable (2.8.0)
      public_suffix (>= 2.0.2, < 5.0)
    ast (2.4.0)
    faraday (1.5.1)
      faraday-em_http (~> 1.0)
      faraday-em_synchrony (~> 1.0)
      faraday-excon (~> 1.1)
      faraday-httpclient (~> 1.0.1)
      faraday-net_http (~> 1.0)
      faraday-net_http_persistent (~> 1.1)
      faraday-patron (~> 1.0)
      multipart-post (>= 1.2, < 3)
      ruby2_keywords (>= 0.0.4)
    faraday-em_http (1.0.0)
    faraday-em_synchrony (1.0.0)
    faraday-excon (1.1.0)
    faraday-httpclient (1.0.1)
    faraday-net_http (1.0.1)
    faraday-net_http_persistent (1.2.0)
    faraday-patron (1.0.0)
    git (1.5.0)
    highline (2.0.1)
    jaro_winkler (1.5.2)
    multipart-post (2.1.1)
    octokit (4.13.0)
      sawyer (~> 0.8.0, >= 0.5.3)
    parallel (1.14.0)
    parser (2.6.0.0)
      ast (~> 2.4.0)
    phraseapp-ruby (2.1.0)
    powerpack (0.1.2)
    public_suffix (4.0.6)
    rainbow (3.0.0)
    rake (12.3.3)
    rubocop (0.58.2)
      jaro_winkler (~> 1.5.1)
      parallel (~> 1.10)
      parser (>= 2.5, != 2.5.1.1)
      powerpack (~> 0.1)
      rainbow (>= 2.2.2, < 4.0)
      ruby-progressbar (~> 1.7)
      unicode-display_width (~> 1.0, >= 1.0.1)
    rubocop-airbnb (2.0.0)
      rubocop (~> 0.58.0)
      rubocop-rspec (~> 1.30.0)
    rubocop-rspec (1.30.0)
      rubocop (>= 0.58.0)
    ruby-progressbar (1.10.0)
    ruby2_keywords (0.0.4)
    sawyer (0.8.2)
      addressable (>= 2.3.5)
      faraday (> 0.8, < 2.0)
    simple_po_parser (1.1.5)
    unicode-display_width (1.5.0)

PLATFORMS
  ruby

DEPENDENCIES
  git (~> 1.5)
  highline (~> 2.0)
  octokit (~> 4.13)
  phraseapp-ruby (~> 2.1)
  rainbow (~> 3.0)
  rake (~> 12.3)
  rubocop-airbnb (~> 2.0)
  simple_po_parser (~> 1.1)

BUNDLED WITH
   2.0.1
